GIT
  remote: https://github.com/adisciple50/williamhill.git
  revision: 3457cc51c26bffa745402497fcbbefaa3fd41e70
  specs:
    williamhill (0.0.1)
      activesupport
      nokogiri

GEM
  remote: https://rubygems.org/
  specs:
    activesupport (7.0.4.2)
      concurrent-ruby (~> 1.0, >= 1.0.2)
      i18n (>= 1.6, < 2)
      minitest (>= 5.1)
      tzinfo (~> 2.0)
    betfair (1.0.6)
      savon (<= 0.8.6)
    builder (3.2.4)
    concurrent-ruby (1.2.2)
    crack (0.1.8)
    gyoku (1.4.0)
      builder (>= 2.1.2)
      rexml (~> 3.0)
    httpi (3.0.1)
      rack
    i18n (1.12.0)
      concurrent-ruby (~> 1.0)
    minitest (5.17.0)
    nokogiri (1.14.2-x86_64-linux)
      racc (~> 1.4)
    racc (1.6.2)
    rack (3.0.4.1)
    rexml (3.2.5)
    savon (0.8.6)
      builder (>= 2.1.2)
      crack (~> 0.1.8)
      gyoku (>= 0.3.0)
      httpi (>= 0.7.8)
    tzinfo (2.0.6)
      concurrent-ruby (~> 1.0)

PLATFORMS
  x86_64-linux

DEPENDENCIES
  activesupport
  betfair (~> 1.0, >= 1.0.6)
  williamhill (~> 0.0.1)!

BUNDLED WITH
   2.3.15
